PATH
  remote: .
  specs:
    honk (0.0.1)

GEM
  remote: https://rubygems.org/
  specs:
    rake (13.0.0)

PLATFORMS
  ruby

DEPENDENCIES
  bundler
  honk!
  rake (~> 13.0)

BUNDLED WITH
   1.17.3
