PATH
  remote: .
  specs:
    honkhonk (0.0.2)

GEM
  remote: https://rubygems.org/
  specs:
    rake (13.0.0)

PLATFORMS
  ruby

DEPENDENCIES
  bundler
  honkhonk!
  rake (~> 13.0)

BUNDLED WITH
   1.17.3
